GEM
  remote: https://rubygems.org/
  specs:
    celluloid (0.16.0)
      timers (~> 4.0.0)
    ffi (1.9.3)
    hitimes (1.2.2)
    jekyll-tagging (0.6.0)
      ruby-nuggets
    jekyll-watch (1.1.1)
      listen (~> 2.7)
    listen (2.7.9)
      celluloid (>= 0.15.2)
      rb-fsevent (>= 0.9.3)
      rb-inotify (>= 0.9)
    nuggets (1.0.0)
    rb-fsevent (0.9.4)
    rb-inotify (0.9.5)
      ffi (>= 0.5.0)
    ruby-nuggets (1.0.0)
      nuggets (= 1.0.0)
    timers (4.0.0)
      hitimes

PLATFORMS
  ruby

DEPENDENCIES
  jekyll-tagging
  jekyll-watch
